GIT
  remote: https://github.com/zdavatz/ruby-dbi
  revision: dcd6239fd5f836418dba522b04267200df973f56
  specs:
    dbi (0.4.5)

PATH
  remote: .
  specs:
    yus (1.0.3)
      dbd-pg
      dbi (= 0.4.5)
      deprecated (= 2.0.1)
      needle
      odba
      pg
      rclconf
      ruby-password

GEM
  remote: https://rubygems.org/
  specs:
    byebug (8.2.1)
    coderay (1.1.0)
    dbd-pg (0.3.9)
      dbi (>= 0.4.0)
      pg
    deprecated (2.0.1)
    diff-lcs (1.2.5)
    docile (1.1.5)
    flexmock (1.3.2)
    json (1.8.3)
    method_source (0.8.2)
    minitest (5.8.3)
    needle (1.3.0)
    odba (1.1.0)
    pg (0.18.4)
    power_assert (0.2.6)
    pry (0.10.3)
      coderay (~> 1.1.0)
      method_source (~> 0.8.1)
      slop (~> 3.4)
    pry-byebug (3.3.0)
      byebug (~> 8.0)
      pry (~> 0.10)
    rake (10.4.2)
    rclconf (1.0.0)
    rspec (3.4.0)
      rspec-core (~> 3.4.0)
      rspec-expectations (~> 3.4.0)
      rspec-mocks (~> 3.4.0)
    rspec-core (3.4.1)
      rspec-support (~> 3.4.0)
    rspec-expectations (3.4.0)
      diff-lcs (>= 1.2.0, < 2.0)
      rspec-support (~> 3.4.0)
    rspec-mocks (3.4.0)
      diff-lcs (>= 1.2.0, < 2.0)
      rspec-support (~> 3.4.0)
    rspec-support (3.4.1)
    ruby-password (0.15.5)
      ruby-termios
    ruby-termios (0.9.6)
    simplecov (0.11.1)
      docile (~> 1.1.0)
      json (~> 1.8)
      simplecov-html (~> 0.10.0)
    simplecov-html (0.10.0)
    slop (3.6.0)
    test-unit (3.1.5)
      power_assert

PLATFORMS
  ruby

DEPENDENCIES
  bundler
  dbi (= 0.4.5)!
  flexmock (~> 1.3.0)
  minitest
  pry-byebug
  rake
  rspec
  simplecov
  test-unit
  yus!

BUNDLED WITH
   1.11.2
