GIT
  remote: https://github.com/zdavatz/ruby-dbi
  revision: dcd6239fd5f836418dba522b04267200df973f56
  specs:
    dbi (0.4.5)

GEM
  remote: http://rubygems.org/
  specs:
    coderay (1.1.0)
    columnize (0.3.6)
    dbd-pg (0.3.9)
      dbi (>= 0.4.0)
      pg
    debugger (1.6.5)
      columnize (>= 0.3.1)
      debugger-linecache (~> 1.2.0)
      debugger-ruby_core_source (~> 1.3.1)
    debugger-linecache (1.2.0)
    debugger-ruby_core_source (1.3.1)
    deprecated (2.0.1)
    flexmock (1.3.3)
    hoe (3.9.0)
      rake (>= 0.8, < 11.0)
    method_source (0.8.2)
    minitest (5.2.3)
    needle (1.3.0)
    odba (1.1.0)
    pg (0.17.1)
    pry (0.9.12.6)
      coderay (~> 1.0)
      method_source (~> 0.8)
      slop (~> 3.4)
    pry-debugger (0.2.2)
      debugger (~> 1.3)
      pry (~> 0.9.10)
    rake (10.1.1)
    rclconf (1.0.0)
    ruby-password (0.15.5)
      ruby-termios
    ruby-termios (0.9.6)
    slop (3.4.7)

PLATFORMS
  ruby

DEPENDENCIES
  dbd-pg
  dbi (= 0.4.5)!
  deprecated (= 2.0.1)
  flexmock
  hoe
  minitest (>= 5.0.0)
  needle
  odba
  pg
  pry-debugger
  rake
  rclconf
  ruby-password
