PATH
  remote: .
  specs:
    yus (1.0.6)
      deprecated (= 2.0.1)
      highline
      needle
      odba (>= 1.1.6)
      rclconf
      ydbd-pg
      ydbi

GEM
  remote: https://rubygems.org/
  specs:
    deprecated (2.0.1)
    diff-lcs (1.5.0)
    docile (1.4.0)
    flexmock (1.3.3)
    highline (2.0.3)
    minitest (5.15.0)
    needle (1.3.0)
    odba (1.1.8)
    pg (1.4.5)
    power_assert (2.0.1)
    rake (13.0.6)
    rclconf (1.0.0)
    rspec (3.10.0)
      rspec-core (~> 3.10.0)
      rspec-expectations (~> 3.10.0)
      rspec-mocks (~> 3.10.0)
    rspec-core (3.10.1)
      rspec-support (~> 3.10.0)
    rspec-expectations (3.10.2)
      diff-lcs (>= 1.2.0, < 2.0)
      rspec-support (~> 3.10.0)
    rspec-mocks (3.10.2)
      diff-lcs (>= 1.2.0, < 2.0)
      rspec-support (~> 3.10.0)
    rspec-support (3.10.3)
    simplecov (0.21.2)
      docile (~> 1.1)
      simplecov-html (~> 0.11)
      simplecov_json_formatter (~> 0.1)
    simplecov-html (0.12.3)
    simplecov_json_formatter (0.1.3)
    test-unit (3.5.3)
      power_assert
    ydbd-pg (0.5.8)
      pg
      ydbi (= 0.5.8)
    ydbi (0.5.8)
      deprecated (= 2.0.1)

PLATFORMS
  ruby

DEPENDENCIES
  bundler
  flexmock (~> 1.3.0)
  minitest
  rake
  rspec
  simplecov
  test-unit
  yus!

BUNDLED WITH
   2.2.4
