PATH
  remote: .
  specs:
    yus (1.0.6)
      deprecated (= 2.0.1)
      highline
      needle
      odba (>= 1.1.6)
      rclconf
      ydbd-pg
      ydbi

GEM
  remote: https://rubygems.org/
  specs:
    ast (2.4.2)
    deprecated (2.0.1)
    docile (1.4.0)
    flexmock (1.3.3)
    highline (2.1.0)
    json (2.6.3)
    language_server-protocol (3.17.0.2)
    minitest (5.17.0)
    needle (1.3.0)
    odba (1.1.8)
    parallel (1.22.1)
    parser (3.2.0.0)
      ast (~> 2.4.1)
    pg (1.4.5)
    power_assert (2.0.3)
    rainbow (3.1.1)
    rake (13.0.6)
    rclconf (1.0.0)
    regexp_parser (2.6.2)
    rexml (3.2.5)
    rubocop (1.42.0)
      json (~> 2.3)
      parallel (~> 1.10)
      parser (>= 3.1.2.1)
      rainbow (>= 2.2.2, < 4.0)
      regexp_parser (>= 1.8, < 3.0)
      rexml (>= 3.2.5, < 4.0)
      rubocop-ast (>= 1.24.1, < 2.0)
      ruby-progressbar (~> 1.7)
      unicode-display_width (>= 1.4.0, < 3.0)
    rubocop-ast (1.24.1)
      parser (>= 3.1.1.0)
    rubocop-performance (1.15.2)
      rubocop (>= 1.7.0, < 2.0)
      rubocop-ast (>= 0.4.0)
    ruby-progressbar (1.11.0)
    simplecov (0.22.0)
      docile (~> 1.1)
      simplecov-html (~> 0.11)
      simplecov_json_formatter (~> 0.1)
    simplecov-html (0.12.3)
    simplecov_json_formatter (0.1.4)
    standard (1.22.1)
      language_server-protocol (~> 3.17.0.2)
      rubocop (= 1.42.0)
      rubocop-performance (= 1.15.2)
    test-unit (3.5.7)
      power_assert
    unicode-display_width (2.4.2)
    ydbd-pg (0.5.9)
      pg
      ydbi (= 0.5.9)
    ydbi (0.5.9)
      deprecated (= 2.0.1)

PLATFORMS
  ruby

DEPENDENCIES
  bundler
  flexmock (~> 1.3.0)
  minitest
  rake
  simplecov
  standard
  test-unit
  yus!

BUNDLED WITH
   2.4.2
