PATH
  remote: .
  specs:
    yus (1.0.8)
      deprecated (= 2.0.1)
      highline
      logger
      needle
      observer
      odba (>= 1.1.6)
      rclconf
      ydbd-pg
      ydbi

GEM
  remote: https://rubygems.org/
  specs:
    ast (2.4.2)
    bigdecimal (3.1.9)
    deprecated (2.0.1)
    docile (1.4.1)
    drb (2.2.1)
    flexmock (1.3.3)
    highline (3.1.2)
      reline
    io-console (0.8.0)
    json (2.9.1)
    language_server-protocol (3.17.0.3)
    lint_roller (1.1.0)
    logger (1.6.4)
    minitest (5.25.4)
    needle (1.3.0)
    observer (0.1.2)
    odba (1.1.8)
    parallel (1.26.3)
    parser (3.3.6.0)
      ast (~> 2.4.1)
      racc
    pg (1.5.9)
    power_assert (2.0.5)
    racc (1.8.1)
    rainbow (3.1.1)
    rake (13.2.1)
    rclconf (1.0.0)
    regexp_parser (2.10.0)
    reline (0.6.0)
      io-console (~> 0.5)
    rubocop (1.69.2)
      json (~> 2.3)
      language_server-protocol (>= 3.17.0)
      parallel (~> 1.10)
      parser (>= 3.3.0.2)
      rainbow (>= 2.2.2, < 4.0)
      regexp_parser (>= 2.9.3, < 3.0)
      rubocop-ast (>= 1.36.2, < 2.0)
      ruby-progressbar (~> 1.7)
      unicode-display_width (>= 2.4.0, < 4.0)
    rubocop-ast (1.37.0)
      parser (>= 3.3.1.0)
    rubocop-performance (1.23.1)
      rubocop (>= 1.48.1, < 2.0)
      rubocop-ast (>= 1.31.1, < 2.0)
    ruby-progressbar (1.13.0)
    simplecov (0.22.0)
      docile (~> 1.1)
      simplecov-html (~> 0.11)
      simplecov_json_formatter (~> 0.1)
    simplecov-html (0.13.1)
    simplecov_json_formatter (0.1.4)
    standard (1.43.0)
      language_server-protocol (~> 3.17.0.2)
      lint_roller (~> 1.0)
      rubocop (~> 1.69.1)
      standard-custom (~> 1.0.0)
      standard-performance (~> 1.6)
    standard-custom (1.0.2)
      lint_roller (~> 1.0)
      rubocop (~> 1.50)
    standard-performance (1.6.0)
      lint_roller (~> 1.1)
      rubocop-performance (~> 1.23.0)
    test-unit (3.6.7)
      power_assert
    unicode-display_width (3.1.3)
      unicode-emoji (~> 4.0, >= 4.0.4)
    unicode-emoji (4.0.4)
    ydbd-pg (0.6.0)
      pg
      ydbi (= 0.6.0)
    ydbi (0.6.0)
      bigdecimal
      deprecated (= 2.0.1)
      pg (>= 1.0.0)

PLATFORMS
  ruby
  x86_64-linux

DEPENDENCIES
  bundler
  drb
  flexmock (~> 1.3.0)
  minitest
  rake
  simplecov
  standard
  test-unit
  yus!

BUNDLED WITH
   2.5.22
