PATH
  remote: .
  specs:
    yus (1.0.6)
      deprecated (= 2.0.1)
      highline
      needle
      odba (>= 1.1.6)
      rclconf

GEM
  remote: https://rubygems.org/
  specs:
    byebug (11.1.3)
    coderay (1.1.3)
    deprecated (2.0.1)
    diff-lcs (1.3)
    docile (1.3.2)
    flexmock (1.3.3)
    highline (2.0.3)
    method_source (1.0.0)
    minitest (5.14.3)
    needle (1.3.0)
    odba (1.1.6)
      ydbd-pg (>= 0.5.9)
      ydbi (>= 0.5.9)
    pg (1.4.5)
    power_assert (1.2.0)
    pry (0.13.1)
      coderay (~> 1.1)
      method_source (~> 1.0)
    pry-byebug (3.9.0)
      byebug (~> 11.0)
      pry (~> 0.13.0)
    rake (13.0.1)
    rclconf (1.0.0)
    rspec (3.9.0)
      rspec-core (~> 3.9.0)
      rspec-expectations (~> 3.9.0)
      rspec-mocks (~> 3.9.0)
    rspec-core (3.9.2)
      rspec-support (~> 3.9.3)
    rspec-expectations (3.9.2)
      diff-lcs (>= 1.2.0, < 2.0)
      rspec-support (~> 3.9.0)
    rspec-mocks (3.9.1)
      diff-lcs (>= 1.2.0, < 2.0)
      rspec-support (~> 3.9.0)
    rspec-support (3.9.3)
    simplecov (0.18.5)
      docile (~> 1.1)
      simplecov-html (~> 0.11)
    simplecov-html (0.12.3)
    test-unit (3.3.6)
      power_assert
    ydbd-pg (0.5.9)
      pg
      ydbi (= 0.5.9)
    ydbi (0.5.9)
      deprecated (= 2.0.1)

PLATFORMS
  ruby

DEPENDENCIES
  bundler
  flexmock (~> 1.3.0)
  minitest
  pry-byebug
  rake
  rspec
  simplecov
  test-unit
  yus!

BUNDLED WITH
   2.1.4
