GIT
  remote: https://github.com/zdavatz/ruby-dbi
  revision: dcd6239fd5f836418dba522b04267200df973f56
  specs:
    dbi (0.4.5)

GEM
  remote: http://rubygems.org/
  specs:
    coderay (1.1.0)
    columnize (0.8.9)
    dbd-pg (0.3.9)
      dbi (>= 0.4.0)
      pg
    debugger (1.6.8)
      columnize (>= 0.3.1)
      debugger-linecache (~> 1.2.0)
      debugger-ruby_core_source (~> 1.3.5)
    debugger-linecache (1.2.0)
    debugger-ruby_core_source (1.3.5)
    deprecated (2.0.1)
    docile (1.1.5)
    flexmock (1.3.3)
    highline (1.6.21)
    hoe (3.13.0)
      rake (>= 0.8, < 11.0)
    method_source (0.8.2)
    minitest (5.4.2)
    multi_json (1.10.1)
    odba (1.1.0)
    pg (0.17.1)
    pry (0.10.1)
      coderay (~> 1.1.0)
      method_source (~> 0.8.1)
      slop (~> 3.4)
    pry-debugger (0.2.3)
      debugger (~> 1.3)
      pry (>= 0.9.10, < 0.11.0)
    rake (10.3.2)
    rclconf (1.0.0)
    simplecov (0.9.1)
      docile (~> 1.1.0)
      multi_json (~> 1.0)
      simplecov-html (~> 0.8.0)
    simplecov-html (0.8.0)
    slop (3.6.0)

PLATFORMS
  ruby

DEPENDENCIES
  dbd-pg
  dbi (= 0.4.5)!
  deprecated (= 2.0.1)
  flexmock
  highline
  hoe
  minitest (>= 5.0.0)
  odba
  pg
  pry-debugger
  rake
  rclconf
  simplecov
