PATH
  remote: .
  specs:
    yus (1.0.6)
      deprecated (= 2.0.1)
      highline
      needle
      odba (>= 1.1.6)
      rclconf
      ydbd-pg
      ydbi

GEM
  remote: https://rubygems.org/
  specs:
    deprecated (2.0.1)
    docile (1.4.0)
    flexmock (1.3.3)
    highline (2.1.0)
    minitest (5.17.0)
    needle (1.3.0)
    odba (1.1.8)
    pg (1.4.5)
    power_assert (2.0.3)
    rake (13.0.6)
    rclconf (1.0.0)
    simplecov (0.22.0)
      docile (~> 1.1)
      simplecov-html (~> 0.11)
      simplecov_json_formatter (~> 0.1)
    simplecov-html (0.12.3)
    simplecov_json_formatter (0.1.4)
    test-unit (3.5.7)
      power_assert
    ydbd-pg (0.5.9)
      pg
      ydbi (= 0.5.9)
    ydbi (0.5.9)
      deprecated (= 2.0.1)

PLATFORMS
  ruby

DEPENDENCIES
  bundler
  flexmock (~> 1.3.0)
  minitest
  rake
  simplecov
  test-unit
  yus!

BUNDLED WITH
   2.4.2
